GEM
  remote: http://rubygems.org/
  specs:
    byebug (9.0.5)
    coderay (1.1.1)
    faderuby (0.0.2)
    method_source (0.8.2)
    pry (0.10.4)
      coderay (~> 1.1.0)
      method_source (~> 0.8.1)
      slop (~> 3.4)
    pry-byebug (3.4.0)
      byebug (~> 9.0)
      pry (~> 0.10)
    rake (11.3.0)
    slop (3.6.0)

PLATFORMS
  ruby

DEPENDENCIES
  faderuby (~> 0.0.2)
  pry-byebug
  rake

BUNDLED WITH
   1.13.2
